GEM
  remote: https://rubygems.org/
  specs:
    activesupport (7.1.2)
      base64
      bigdecimal
      concurrent-ruby (~> 1.0, >= 1.0.2)
      connection_pool (>= 2.2.5)
      drb
      i18n (>= 1.6, < 2)
      minitest (>= 5.1)
      mutex_m
      tzinfo (~> 2.0)
    addressable (2.8.6)
      public_suffix (>= 2.0.2, < 6.0)
    ast (2.4.2)
    backport (1.2.0)
    base64 (0.2.0)
    benchmark (0.3.0)
    bigdecimal (3.1.5)
    byebug (11.1.3)
    coderay (1.1.3)
    concurrent-ruby (1.2.2)
    connection_pool (2.4.1)
    csv (3.2.8)
    daemons (1.4.1)
    diff-lcs (1.5.0)
    distance_measures (0.0.6)
    dotenv (2.8.1)
    down (5.4.1)
      addressable (~> 2.8)
    drb (2.2.0)
      ruby2_keywords
    dry-auto_inject (1.0.1)
      dry-core (~> 1.0)
      zeitwerk (~> 2.6)
    dry-configurable (1.1.0)
      dry-core (~> 1.0, < 2)
      zeitwerk (~> 2.6)
    dry-core (1.0.1)
      concurrent-ruby (~> 1.0)
      zeitwerk (~> 2.6)
    dry-inflector (1.0.0)
    dry-initializer (3.1.1)
    dry-logic (1.5.0)
      concurrent-ruby (~> 1.0)
      dry-core (~> 1.0, < 2)
      zeitwerk (~> 2.6)
    dry-schema (1.13.3)
      concurrent-ruby (~> 1.0)
      dry-configurable (~> 1.0, >= 1.0.1)
      dry-core (~> 1.0, < 2)
      dry-initializer (~> 3.0)
      dry-logic (>= 1.4, < 2)
      dry-types (>= 1.7, < 2)
      zeitwerk (~> 2.6)
    dry-system (1.0.1)
      dry-auto_inject (~> 1.0, < 2)
      dry-configurable (~> 1.0, < 2)
      dry-core (~> 1.0, < 2)
      dry-inflector (~> 1.0, < 2)
    dry-types (1.7.2)
      bigdecimal (~> 3.0)
      concurrent-ruby (~> 1.0)
      dry-core (~> 1.0)
      dry-inflector (~> 1.0)
      dry-logic (~> 1.4)
      zeitwerk (~> 2.6)
    dry-validation (1.10.0)
      concurrent-ruby (~> 1.0)
      dry-core (~> 1.0, < 2)
      dry-initializer (~> 3.0)
      dry-schema (>= 1.12, < 2)
      zeitwerk (~> 2.6)
    e2mmap (0.1.0)
    geocoder (1.8.2)
    gtfs (0.4.1)
      multi_json
      rake
      rubyzip (~> 1.1)
    gtfs_stops_clustering (0.1.7)
      csv (~> 3.2, >= 3.2.8)
      distance_measures (~> 0.0.6)
      geocoder (~> 1.8, >= 1.8.2)
      gtfs (~> 0.4.1)
      redis (~> 5.0, >= 5.0.8)
      text (~> 1.3, >= 1.3.1)
    i18n (1.14.1)
      concurrent-ruby (~> 1.0)
    jaro_winkler (1.5.6)
    json (2.7.1)
    kramdown (2.4.0)
      rexml
    kramdown-parser-gfm (1.1.0)
      kramdown (~> 2.0)
    language_server-protocol (3.17.0.3)
    method_source (1.0.0)
    minitest (5.20.0)
    multi_json (1.15.0)
    mutex_m (0.2.0)
    newrelic_rpm (9.7.0)
    nokogiri (1.16.0-arm64-darwin)
      racc (~> 1.4)
    nokogiri (1.16.0-x86_64-linux)
      racc (~> 1.4)
    oj (3.16.3)
      bigdecimal (>= 3.0)
    parallel (1.24.0)
    parser (3.3.0.2)
      ast (~> 2.4.1)
      racc
    pastel (0.8.0)
      tty-color (~> 0.5)
    pry (0.14.2)
      coderay (~> 1.1)
      method_source (~> 1.0)
    pry-doc (1.5.0)
      pry (~> 0.11)
      yard (~> 0.9.11)
    public_suffix (5.0.4)
    racc (1.7.3)
    rack (3.0.8)
    rack-test (2.1.0)
      rack (>= 1.3)
    rackup (2.1.0)
      rack (>= 3)
      webrick (~> 1.8)
    rainbow (3.1.1)
    rake (13.1.0)
    rbs (2.8.4)
    redis (5.0.8)
      redis-client (>= 0.17.0)
    redis-client (0.19.1)
      connection_pool
    regexp_parser (2.9.0)
    reverse_markdown (2.1.1)
      nokogiri
    rexml (3.2.6)
    roda (3.75.0)
      rack
    roda-enhanced_logger (0.5.0)
      roda (>= 3.19.0)
      tty-logger (>= 0.3, < 1.0)
    rspec (3.12.0)
      rspec-core (~> 3.12.0)
      rspec-expectations (~> 3.12.0)
      rspec-mocks (~> 3.12.0)
    rspec-core (3.12.2)
      rspec-support (~> 3.12.0)
    rspec-expectations (3.12.3)
      diff-lcs (>= 1.2.0, < 2.0)
      rspec-support (~> 3.12.0)
    rspec-mocks (3.12.6)
      diff-lcs (>= 1.2.0, < 2.0)
      rspec-support (~> 3.12.0)
    rspec-support (3.12.1)
    rubocop (1.59.0)
      json (~> 2.3)
      language_server-protocol (>= 3.17.0)
      parallel (~> 1.10)
      parser (>= 3.2.2.4)
      rainbow (>= 2.2.2, < 4.0)
      regexp_parser (>= 1.8, < 3.0)
      rexml (>= 3.2.5, < 4.0)
      rubocop-ast (>= 1.30.0, < 2.0)
      ruby-progressbar (~> 1.7)
      unicode-display_width (>= 2.4.0, < 3.0)
    rubocop-ast (1.30.0)
      parser (>= 3.2.1.0)
    rubocop-capybara (2.20.0)
      rubocop (~> 1.41)
    rubocop-factory_bot (2.25.1)
      rubocop (~> 1.41)
    rubocop-performance (1.20.2)
      rubocop (>= 1.48.1, < 2.0)
      rubocop-ast (>= 1.30.0, < 2.0)
    rubocop-rake (0.6.0)
      rubocop (~> 1.0)
    rubocop-rspec (2.26.1)
      rubocop (~> 1.40)
      rubocop-capybara (~> 2.17)
      rubocop-factory_bot (~> 2.22)
    rubocop-sequel (0.3.4)
      rubocop (~> 1.0)
    rubocop-thread_safety (0.5.1)
      rubocop (>= 0.90.0)
    ruby-progressbar (1.13.0)
    ruby2_keywords (0.0.5)
    rubyzip (1.3.0)
    sequel (5.76.0)
      bigdecimal
    solargraph (0.50.0)
      backport (~> 1.2)
      benchmark
      bundler (~> 2.0)
      diff-lcs (~> 1.4)
      e2mmap
      jaro_winkler (~> 1.5)
      kramdown (~> 2.3)
      kramdown-parser-gfm (~> 1.1)
      parser (~> 3.0)
      rbs (~> 2.0)
      reverse_markdown (~> 2.0)
      rubocop (~> 1.38)
      thor (~> 1.0)
      tilt (~> 2.0)
      yard (~> 0.9, >= 0.9.24)
    sqlite3 (1.7.0-arm64-darwin)
    sqlite3 (1.7.0-x86_64-linux)
    text (1.3.1)
    thor (1.3.0)
    tilt (2.3.0)
    tty-color (0.6.0)
    tty-logger (0.6.0)
      pastel (~> 0.8)
    tzinfo (2.0.6)
      concurrent-ruby (~> 1.0)
    unicode-display_width (2.5.0)
    webrick (1.8.1)
    yard (0.9.34)
    zeitwerk (2.6.12)

PLATFORMS
  arm64-darwin-23
  x86_64-linux

DEPENDENCIES
  activesupport
  byebug
  daemons
  dotenv
  down
  dry-system
  dry-validation
  gtfs
  gtfs_stops_clustering (~> 0.1.3)
  newrelic_rpm
  oj
  pry
  pry-doc
  rack-test
  rackup (~> 2.1)
  rake
  roda (>= 3.41)
  roda-enhanced_logger
  rspec
  rubocop
  rubocop-performance
  rubocop-rake
  rubocop-rspec
  rubocop-sequel
  rubocop-thread_safety
  sequel (>= 5.41)
  solargraph
  sqlite3
  yard

RUBY VERSION
   ruby 3.2.2p53

BUNDLED WITH
   2.4.22
